GEM
  remote: https://rubygems.org/
  specs:
    chunky_png (1.2.9)
    compass (0.12.2)
      chunky_png (~> 1.2)
      fssm (>= 0.2.7)
      sass (~> 3.1)
    fssm (0.2.10)
    json (1.7.7)
    rake (10.0.4)
    saas (0.1.1)
    sass (3.2.12)

PLATFORMS
  ruby

DEPENDENCIES
  compass
  json (~> 1.7.7)
  rake (~> 10.0.4)
  saas (~> 0.1.1)
